GEM
  remote: https://rubygems.org/
  specs:
    chunky_png (1.3.10)
    gosu (0.13.3-x86-mingw32)

PLATFORMS
  x86-mingw32

DEPENDENCIES
  chunky_png
  gosu (>= 0.13.0)

BUNDLED WITH
   1.15.4
